GEM
  remote: https://rubygems.org/
  specs:
    bourbon (4.2.7)
      sass (~> 3.4)
      thor (~> 0.19)
    neat (1.7.4)
      bourbon (>= 4.0)
      sass (>= 3.3)
    sass (3.4.22)
    thor (0.19.1)

PLATFORMS
  ruby

DEPENDENCIES
  bourbon
  neat

BUNDLED WITH
   1.10.6
